REDIRECTS: ON
STORAGE: NONE
RESTRICTION: == net461
NUGET
  remote: https://www.nuget.org/api/v2
    BenchmarkDotNet (0.10.14)
      BenchmarkDotNet.Core (>= 0.10.14)
      BenchmarkDotNet.Toolchains.Roslyn (>= 0.10.14)
    BenchmarkDotNet.Core (0.10.14)
      Microsoft.DotNet.InternalAbstractions (>= 1.0)
      Microsoft.DotNet.PlatformAbstractions (>= 1.1.1)
      Microsoft.Win32.Registry (>= 4.3)
      System.Diagnostics.FileVersionInfo (>= 4.3)
      System.Threading.Tasks.Extensions (>= 4.3)
      System.ValueTuple (>= 4.3)
      System.Xml.XmlSerializer (>= 4.3)
    BenchmarkDotNet.Diagnostics.Windows (0.10.14)
      BenchmarkDotNet (>= 0.10.14)
      Microsoft.Diagnostics.Tracing.TraceEvent (>= 1.0.41)
    BenchmarkDotNet.Toolchains.Roslyn (0.10.14)
      BenchmarkDotNet.Core (>= 0.10.14)
      Microsoft.CodeAnalysis.CSharp (>= 2.6.1)
      System.Threading.Tasks (>= 4.3)
    Castle.Core (4.3)
    Microsoft.CodeAnalysis.Analyzers (2.6.1)
    Microsoft.CodeAnalysis.Common (2.8.2)
      Microsoft.CodeAnalysis.Analyzers (>= 1.1)
      System.AppContext (>= 4.3)
      System.Collections (>= 4.3)
      System.Collections.Concurrent (>= 4.3)
      System.Collections.Immutable (>= 1.3.1)
      System.Console (>= 4.3)
      System.Diagnostics.Debug (>= 4.3)
      System.Diagnostics.FileVersionInfo (>= 4.3)
      System.Diagnostics.StackTrace (>= 4.3)
      System.Diagnostics.Tools (>= 4.3)
      System.Dynamic.Runtime (>= 4.3)
      System.Globalization (>= 4.3)
      System.IO.Compression (>= 4.3)
      System.IO.FileSystem (>= 4.3)
      System.IO.FileSystem.Primitives (>= 4.3)
      System.Linq (>= 4.3)
      System.Linq.Expressions (>= 4.3)
      System.Reflection (>= 4.3)
      System.Reflection.Metadata (>= 1.4.2)
      System.Resources.ResourceManager (>= 4.3)
      System.Runtime (>= 4.3)
      System.Runtime.Extensions (>= 4.3)
      System.Runtime.InteropServices (>= 4.3)
      System.Runtime.Numerics (>= 4.3)
      System.Security.Cryptography.Algorithms (>= 4.3)
      System.Security.Cryptography.Encoding (>= 4.3)
      System.Security.Cryptography.X509Certificates (>= 4.3)
      System.Text.Encoding (>= 4.3)
      System.Text.Encoding.CodePages (>= 4.3)
      System.Text.Encoding.Extensions (>= 4.3)
      System.Threading (>= 4.3)
      System.Threading.Tasks (>= 4.3)
      System.Threading.Tasks.Parallel (>= 4.3)
      System.Threading.Thread (>= 4.3)
      System.ValueTuple (>= 4.3)
      System.Xml.ReaderWriter (>= 4.3)
      System.Xml.XDocument (>= 4.3)
      System.Xml.XmlDocument (>= 4.3)
      System.Xml.XPath.XDocument (>= 4.3)
    Microsoft.CodeAnalysis.CSharp (2.8.2)
      Microsoft.CodeAnalysis.Common (2.8.2)
    Microsoft.Diagnostics.Tracing.TraceEvent (2.0.19)
    Microsoft.DotNet.InternalAbstractions (1.0)
    Microsoft.DotNet.PlatformAbstractions (2.1)
      System.Runtime.InteropServices.RuntimeInformation (>= 4.0)
    Microsoft.Win32.Registry (4.5)
      System.Security.AccessControl (>= 4.5)
      System.Security.Principal.Windows (>= 4.5)
    Moq (4.8.3)
      Castle.Core (>= 4.3)
      System.Threading.Tasks.Extensions (>= 4.3)
      System.ValueTuple (>= 4.4)
    Newtonsoft.Json (11.0.2)
    NSubstitute (3.1)
      Castle.Core (>= 4.2)
      System.Threading.Tasks.Extensions (>= 4.3)
    System.AppContext (4.3)
    System.Collections (4.3)
    System.Collections.Concurrent (4.3)
    System.Collections.Immutable (1.5)
    System.Console (4.3.1)
    System.Diagnostics.Debug (4.3)
    System.Diagnostics.FileVersionInfo (4.3)
    System.Diagnostics.StackTrace (4.3)
    System.Diagnostics.Tools (4.3)
    System.Dynamic.Runtime (4.3)
    System.Globalization (4.3)
    System.IO.Compression (4.3)
    System.IO.FileSystem (4.3)
      System.IO.FileSystem.Primitives (>= 4.3)
    System.IO.FileSystem.Primitives (4.3)
    System.Linq (4.3)
    System.Linq.Expressions (4.3)
    System.Reflection (4.3)
    System.Reflection.Metadata (1.6)
      System.Collections.Immutable (>= 1.5)
    System.Resources.ResourceManager (4.3)
    System.Runtime (4.3)
    System.Runtime.CompilerServices.Unsafe (4.5)
    System.Runtime.Extensions (4.3)
    System.Runtime.InteropServices (4.3)
    System.Runtime.InteropServices.RuntimeInformation (4.3)
    System.Runtime.Numerics (4.3)
    System.Security.AccessControl (4.5)
      System.Security.Principal.Windows (>= 4.5)
    System.Security.Cryptography.Algorithms (4.3.1)
      System.Security.Cryptography.Primitives (>= 4.3)
    System.Security.Cryptography.Encoding (4.3)
    System.Security.Cryptography.Primitives (4.3)
    System.Security.Cryptography.X509Certificates (4.3.2)
      System.Security.Cryptography.Algorithms (>= 4.3)
      System.Security.Cryptography.Encoding (>= 4.3)
    System.Security.Principal.Windows (4.5)
    System.Text.Encoding (4.3)
    System.Text.Encoding.CodePages (4.5)
      System.Runtime.CompilerServices.Unsafe (>= 4.5)
    System.Text.Encoding.Extensions (4.3)
    System.Threading (4.3)
    System.Threading.Tasks (4.3)
    System.Threading.Tasks.Extensions (4.5)
      System.Runtime.CompilerServices.Unsafe (>= 4.5)
    System.Threading.Tasks.Parallel (4.3)
    System.Threading.Thread (4.3)
    System.ValueTuple (4.5)
    System.Xml.ReaderWriter (4.3.1)
    System.Xml.XDocument (4.3)
    System.Xml.XmlDocument (4.3)
    System.Xml.XmlSerializer (4.3)
    System.Xml.XPath (4.3)
    System.Xml.XPath.XDocument (4.3)
      System.Xml.XPath (>= 4.3)
